GEM
  remote: http://rubygems.org/
  specs:
    rails_stats (1.0.0)
      rake
    rake (10.4.2)

PLATFORMS
  ruby

DEPENDENCIES
  rails_stats
  rake
